GEM
  remote: http://rubygems.org/
  specs:
    bson (1.1.5)
    configuration (1.2.0)
    diff-lcs (1.1.2)
    git (1.2.5)
    haml (3.0.25)
    jeweler (1.5.2)
      bundler (~> 1.0.0)
      git (>= 1.2.5)
      rake
    launchy (0.3.7)
      configuration (>= 0.0.5)
      rake (>= 0.8.1)
    mongo (1.1.5)
      bson (>= 1.1.5)
    rack (1.2.1)
    rake (0.8.7)
    rcov (0.9.9)
    rspec (2.3.0)
      rspec-core (~> 2.3.0)
      rspec-expectations (~> 2.3.0)
      rspec-mocks (~> 2.3.0)
    rspec-core (2.3.1)
    rspec-expectations (2.3.0)
      diff-lcs (~> 1.1.2)
    rspec-mocks (2.3.0)
    sinatra (1.1.0)
      rack (~> 1.1)
      tilt (~> 1.1)
    tilt (1.1)
    yard (0.6.3)

PLATFORMS
  ruby

DEPENDENCIES
  bson (~> 1.1.4)
  bundler (~> 1.0.0)
  haml
  jeweler (~> 1.5.2)
  launchy (~> 0.3.7)
  mongo (~> 1.1.4)
  rcov
  rspec (~> 2.3.0)
  sinatra (~> 1.1.0)
  yard (~> 0.6.0)
